GEM
  remote: https://rubygems.org/
  specs:
    pg (1.1.3)
    sequel (5.13.0)

PLATFORMS
  ruby

DEPENDENCIES
  pg
  sequel

BUNDLED WITH
   1.16.2
